GEM
  remote: https://rubygems.org/
  specs:
    activesupport (7.0.4)
      concurrent-ruby (~> 1.0, >= 1.0.2)
      i18n (>= 1.6, < 2)
      minitest (>= 5.1)
      tzinfo (~> 2.0)
    concurrent-ruby (1.1.10)
    i18n (1.12.0)
      concurrent-ruby (~> 1.0)
    libxml-ruby (3.2.3)
    minitest (5.16.3)
    sequel (5.61.0)
    sqlite3 (1.5.2-x86_64-linux)
    tzinfo (2.0.5)
      concurrent-ruby (~> 1.0)

PLATFORMS
  x86_64-linux

DEPENDENCIES
  activesupport (~> 7.0)
  libxml-ruby (~> 3.2)
  sequel (~> 5.61)
  sqlite3 (~> 1.5)

BUNDLED WITH
   2.3.12
